GEM
  remote: http://rubygems.org/
  specs:
    active_support (3.0.0)
      activesupport (= 3.0.0)
    activesupport (3.0.0)
    builder (3.1.4)
    civic_info (1.0.1)
      active_support
      faraday
      json
    faraday (0.8.4)
      multipart-post (~> 1.1)
    json (1.6.1)
    jwt (0.1.5)
      multi_json (>= 1.0)
    multi_json (1.3.7)
    multipart-post (1.1.5)
    rack (1.3.5)
    rack-protection (1.1.4)
      rack
    sinatra (1.3.1)
      rack (~> 1.3, >= 1.3.4)
      rack-protection (~> 1.1, >= 1.1.2)
      tilt (~> 1.3, >= 1.3.3)
    tilt (1.3.3)
    twilio-ruby (3.9.0)
      builder (>= 2.1.2)
      jwt (>= 0.1.2)
      multi_json (>= 1.3.0)

PLATFORMS
  ruby

DEPENDENCIES
  civic_info
  sinatra
  twilio-ruby
